GIT
  remote: git://github.com/nullobject/bucaneer.git
  revision: e9d578046d10c7b9208b987c7c56a9cf551f8580
  specs:
    bucaneer (0.1.1)
      serialport

GEM
  remote: http://rubygems.org/
  specs:
    activesupport (3.1.0)
      multi_json (~> 1.0)
    builder (2.1.2)
    cairo (1.10.0)
      pkg-config
    curb (0.7.15)
    feedzirra (0.1.1)
      activesupport (>= 3.0.8)
      builder (~> 2.1.2)
      curb (~> 0.7.15)
      i18n (>= 0.5.0)
      loofah (~> 1.2.0)
      nokogiri (~> 1.4.4)
      rake (>= 0.9.2)
      rdoc (~> 3.8)
      sax-machine (~> 0.1.0)
    i18n (0.6.0)
    loofah (1.2.0)
      nokogiri (>= 1.4.4)
    multi_json (1.0.3)
    nokogiri (1.4.7)
    pkg-config (1.0.3)
    rake (0.9.2)
    rdoc (3.9.4)
    rspec (1.3.0)
    sax-machine (0.1.0)
      nokogiri (> 0.0.0)
    serialport (1.0.4)

PLATFORMS
  ruby

DEPENDENCIES
  bucaneer!
  cairo
  feedzirra
  rspec
