GIT
  remote: git://github.com/nullobject/buccaneer.git
  revision: 1a9950da766bb21e20b0a4a77f4ac67262835680
  specs:
    buccaneer (0.1.1)
      serialport (~> 1.1.0)

GEM
  remote: http://rubygems.org/
  specs:
    activesupport (3.1.10)
      multi_json (>= 1.0, < 1.3)
    builder (3.1.4)
    cairo (1.12.3)
      pkg-config
    curb (0.7.18)
    diff-lcs (1.1.3)
    feedzirra (0.1.3)
      activesupport (~> 3.1.1)
      builder (>= 2.1.2)
      curb (~> 0.7.15)
      i18n (>= 0.5.0)
      loofah (~> 1.2.0)
      nokogiri (>= 1.4.4)
      rake (>= 0.8.7)
      rdoc (~> 3.8)
      sax-machine (~> 0.1.0)
    i18n (0.6.1)
    json (1.7.6)
    loofah (1.2.1)
      nokogiri (>= 1.4.4)
    multi_json (1.2.0)
    nokogiri (1.5.6)
    pkg-config (1.1.4)
    rake (10.0.3)
    rdoc (3.12)
      json (~> 1.4)
    rspec (2.12.0)
      rspec-core (~> 2.12.0)
      rspec-expectations (~> 2.12.0)
      rspec-mocks (~> 2.12.0)
    rspec-core (2.12.2)
    rspec-expectations (2.12.1)
      diff-lcs (~> 1.1.3)
    rspec-mocks (2.12.1)
    sax-machine (0.1.0)
      nokogiri (> 0.0.0)
    serialport (1.1.0)

PLATFORMS
  ruby

DEPENDENCIES
  buccaneer!
  cairo
  feedzirra
  rspec
