GEM
  remote: http://rubygems.org/
  specs:
    bucaneer (0.0.1)
      ruby-serialport
    cairo (1.10.0)
      pkg-config
    pkg-config (1.0.3)
    ruby-serialport (0.7.0)

PLATFORMS
  ruby

DEPENDENCIES
  bucaneer
  cairo
